GIT
  remote: git://github.com/anzaika/bioruby.git
  revision: b1612545a7516befd850a6d5925aa73bbaa4b4b0
  branch: master
  specs:
    bio (1.4.3.5000)

GIT
  remote: git://github.com/jhbadger/Newick-ruby.git
  revision: 2cc5e58b3eee660896d4781c49b5dc1d942162df
  specs:
    newick-ruby (1.0.4)
      fpdf (>= 1.5.3)

GEM
  remote: https://rubygems.org/
  specs:
    activesupport (5.0.1)
      concurrent-ruby (~> 1.0, >= 1.0.2)
      i18n (~> 0.7)
      minitest (~> 5.1)
      tzinfo (~> 1.1)
    aruba (0.14.2)
      childprocess (~> 0.5.6)
      contracts (~> 0.9)
      cucumber (>= 1.3.19)
      ffi (~> 1.9.10)
      rspec-expectations (>= 2.99)
      thor (~> 0.19)
    builder (3.2.3)
    childprocess (0.5.9)
      ffi (~> 1.0, >= 1.0.11)
    concurrent-ruby (1.0.4)
    contracts (0.14.0)
    cucumber (2.4.0)
      builder (>= 2.1.2)
      cucumber-core (~> 1.5.0)
      cucumber-wire (~> 0.0.1)
      diff-lcs (>= 1.1.3)
      gherkin (~> 4.0)
      multi_json (>= 1.7.5, < 2.0)
      multi_test (>= 0.1.2)
    cucumber-core (1.5.0)
      gherkin (~> 4.0)
    cucumber-wire (0.0.1)
    diff-lcs (1.2.5)
    faker (1.7.2)
      i18n (~> 0.5)
    ffi (1.9.17)
    fpdf (1.53)
    gherkin (4.0.0)
    i18n (0.7.0)
    methadone (1.9.5)
      bundler
    minitest (5.10.1)
    multi_json (1.12.1)
    multi_test (0.1.2)
    rake (10.5.0)
    rdoc (5.0.0)
    rspec (3.5.0)
      rspec-core (~> 3.5.0)
      rspec-expectations (~> 3.5.0)
      rspec-mocks (~> 3.5.0)
    rspec-core (3.5.4)
      rspec-support (~> 3.5.0)
    rspec-expectations (3.5.0)
      diff-lcs (>= 1.2.0, < 2.0)
      rspec-support (~> 3.5.0)
    rspec-mocks (3.5.0)
      diff-lcs (>= 1.2.0, < 2.0)
      rspec-support (~> 3.5.0)
    rspec-support (3.5.0)
    thor (0.19.4)
    thread_safe (0.3.5)
    tzinfo (1.2.2)
      thread_safe (~> 0.1)

PLATFORMS
  ruby

DEPENDENCIES
  activesupport
  aruba
  bio!
  bundler (~> 1.13)
  faker
  methadone (~> 1.9.5)
  newick-ruby!
  rake (~> 10.0)
  rdoc
  rspec

BUNDLED WITH
   1.13.7
